GEM
  remote: http://rubygems.org/
  specs:
    activemodel (3.0.7)
      activesupport (= 3.0.7)
      builder (~> 2.1.2)
      i18n (~> 0.5.0)
    activesupport (3.0.7)
    addressable (2.2.6)
    bson (1.3.1)
    builder (2.1.2)
    capistrano (2.6.0)
      highline
      net-scp (>= 1.0.0)
      net-sftp (>= 2.0.0)
      net-ssh (>= 2.0.14)
      net-ssh-gateway (>= 1.1.0)
    capistrano-ext (1.2.1)
      capistrano (>= 1.0.0)
    em-websocket (0.3.0)
      addressable (>= 2.1.1)
      eventmachine (>= 0.12.9)
    eventmachine (0.12.10)
    git (1.2.5)
    highline (1.6.2)
    i18n (0.5.0)
    jeweler (1.6.3)
      bundler (~> 1.0)
      git (>= 1.2.5)
      rake
    kgio (2.4.0)
    magent (0.5.4)
      em-websocket
      em-websocket
      mongo
      mongo (~> 1.0)
      uuidtools
      uuidtools
    mongo (1.3.1)
      bson (>= 1.3.1)
    mongoid (2.0.1)
      activemodel (~> 3.0)
      mongo (~> 1.3)
      tzinfo (~> 0.3.22)
      will_paginate (~> 3.0.pre)
    net-scp (1.0.4)
      net-ssh (>= 1.99.1)
    net-sftp (2.0.5)
      net-ssh (>= 2.0.9)
    net-ssh (2.1.4)
    net-ssh-gateway (1.1.0)
      net-ssh (>= 1.99.1)
    rack (1.2.2)
    rake (0.9.2)
    rcov (0.9.9)
    shoulda (2.11.3)
    tzinfo (0.3.27)
    unicorn (3.6.2)
      kgio (~> 2.3)
      rack
    uuidtools (2.1.2)
    will_paginate (3.0.pre2)

PLATFORMS
  ruby

DEPENDENCIES
  bundler (~> 1.0.0)
  capistrano (>= 2.5.9)
  capistrano-ext (>= 1.2.1)
  jeweler (~> 1.6.3)
  magent
  mongoid
  net-ssh
  rcov
  shoulda
  unicorn
